GEM
  remote: http://rubygems.org/
  specs:
    activesupport (3.2.12)
      i18n (~> 0.6)
      multi_json (~> 1.0)
    capistrano (2.14.2)
      highline
      net-scp (>= 1.0.0)
      net-sftp (>= 2.0.0)
      net-ssh (>= 2.0.14)
      net-ssh-gateway (>= 1.1.0)
    capistrano-calendar (0.1.2)
      capistrano (>= 2.5.5)
      gdata_19 (>= 1.1.0)
      json
    capistrano-multiconfig (0.0.4)
      capistrano (>= 2.5.5)
    capistrano-patch (0.0.2)
      capistrano (>= 2.5.5)
    capistrano-uptodate (0.0.2)
      capistrano (>= 2.5.5)
    capistrano_colors (0.5.5)
    chronic (0.9.1)
    gdata_19 (1.1.5)
    highline (1.6.15)
    i18n (0.6.4)
    json (1.7.7)
    multi_json (1.6.1)
    net-scp (1.1.0)
      net-ssh (>= 2.6.5)
    net-sftp (2.1.1)
      net-ssh (>= 2.6.5)
    net-ssh (2.6.6)
    net-ssh-gateway (1.2.0)
      net-ssh (>= 2.6.5)
    rvm-capistrano (1.2.7)
      capistrano (>= 2.0.0)
    whenever (0.8.2)
      activesupport (>= 2.3.4)
      chronic (>= 0.6.3)

PLATFORMS
  ruby

DEPENDENCIES
  capistrano
  capistrano-calendar
  capistrano-multiconfig
  capistrano-patch
  capistrano-uptodate
  capistrano_colors
  rvm-capistrano
  whenever
